ObjectType = Image
NDims = 3
BinaryDataByteOrderMSB = True
AnatomicalOrientation = LPH
ElementSpacing = 0.404341 0.404341 3.000000
DimSize = 512 512 41
ElementType = MET_SHORT
ElementDataFile = image.bin
